GEM
  remote: https://rubygems.org/
  specs:
    json (2.6.3)
    minitest (5.18.0)

PLATFORMS
  arm64-darwin-22
  x86_64-darwin-22

DEPENDENCIES
  json
  minitest

BUNDLED WITH
   2.4.6
